PATH
  remote: .
  specs:
    lumber (0.10.1)
      activesupport
      log4r (~> 1.1.10)

GEM
  remote: https://rubygems.org/
  specs:
    activesupport (3.2.3)
      i18n (~> 0.6)
      multi_json (~> 1.0)
    awesome_print (1.0.2)
    diff-lcs (1.1.3)
    i18n (0.6.0)
    log4r (1.1.10)
    multi_json (1.3.2)
    rake (0.9.2.2)
    rspec (2.9.0)
      rspec-core (~> 2.9.0)
      rspec-expectations (~> 2.9.0)
      rspec-mocks (~> 2.9.0)
    rspec-core (2.9.0)
    rspec-expectations (2.9.0)
      diff-lcs (~> 1.1.3)
    rspec-mocks (2.9.0)

PLATFORMS
  ruby

DEPENDENCIES
  awesome_print
  lumber!
  rake
  rspec
